NUGET
  remote: https://www.nuget.org/api/v2
    FAKE (4.50)
    FSharp.Collections.ParallelSeq (1.0.2)
    FSharp.Core (4.0.0.1)
    FSharpx.Collections (1.15.2)
      FSharp.Core
